GEM
  remote: http://rubygems.org/
  specs:
    detest (3.1.3)
    ember (0.3.1)
    inochi (6.0.2)
      ember (>= 0.3.0, < 1)
      nokogiri (>= 1.4, < 2)
      rake (>= 0.8.4, < 1)
      yard (>= 0.5.8, < 1)
    nokogiri (1.4.4)
    rake (0.8.7)
    rumai (4.1.2)
    yard (0.6.8)

PLATFORMS
  ruby

DEPENDENCIES
  detest
  inochi
  rake
  rumai
